GEM
  remote: https://rubygems.org/
  specs:
    diff-lcs (1.2.5)
    net-ssh (2.9.1)
    rake (10.3.2)
    rspec (3.0.0)
      rspec-core (~> 3.0.0)
      rspec-expectations (~> 3.0.0)
      rspec-mocks (~> 3.0.0)
    rspec-core (3.0.3)
      rspec-support (~> 3.0.0)
    rspec-expectations (3.0.3)
      diff-lcs (>= 1.2.0, < 2.0)
      rspec-support (~> 3.0.0)
    rspec-its (1.0.1)
      rspec-core (>= 2.99.0.beta1)
      rspec-expectations (>= 2.99.0.beta1)
    rspec-mocks (3.0.3)
      rspec-support (~> 3.0.0)
    rspec-support (3.0.3)
    serverspec (2.0.0.beta12)
      rspec (~> 3.0.0)
      rspec-its
      specinfra (~> 2.0.0.beta11)
    specinfra (2.0.0.beta11)
      net-ssh

PLATFORMS
  ruby

DEPENDENCIES
  rake
  serverspec (>= 2.0.0.beta12)
